PATH
  remote: .
  specs:
    shin (0.1.0)
      oj (~> 2.11)
      slop (~> 3.6)
      therubyracer (~> 0.12)

GEM
  remote: https://rubygems.org/
  specs:
    coderay (1.1.0)
    diff-lcs (1.2.5)
    libv8 (3.16.14.7)
    method_source (0.8.2)
    oj (2.11.1)
    pry (0.10.1)
      coderay (~> 1.1.0)
      method_source (~> 0.8.1)
      slop (~> 3.4)
    rake (10.3.2)
    ref (1.0.5)
    rspec (3.1.0)
      rspec-core (~> 3.1.0)
      rspec-expectations (~> 3.1.0)
      rspec-mocks (~> 3.1.0)
    rspec-core (3.1.7)
      rspec-support (~> 3.1.0)
    rspec-expectations (3.1.2)
      diff-lcs (>= 1.2.0, < 2.0)
      rspec-support (~> 3.1.0)
    rspec-mocks (3.1.3)
      rspec-support (~> 3.1.0)
    rspec-prof (0.0.5)
      rspec
      ruby-prof
    rspec-support (3.1.2)
    ruby-prof (0.15.2)
    slop (3.6.0)
    therubyracer (0.12.1)
      libv8 (~> 3.16.14.0)
      ref

PLATFORMS
  ruby

DEPENDENCIES
  bundler (~> 1.7)
  pry (~> 0.10)
  rake (~> 10.0)
  rspec (~> 3.1)
  rspec-prof
  shin!
